PATH
  remote: .
  specs:
    miniskirt (1.2.1)
      activesupport

GEM
  remote: https://rubygems.org/
  specs:
    activesupport (3.2.12)
      i18n (~> 0.6)
      multi_json (~> 1.0)
    coderay (1.0.9)
    i18n (0.6.0)
    method_source (0.8.2)
    multi_json (1.8.2)
    pry (0.9.12.2)
      coderay (~> 1.0.5)
      method_source (~> 0.8)
      slop (~> 3.4)
    rake (0.9.2.2)
    slop (3.4.6)

PLATFORMS
  ruby

DEPENDENCIES
  i18n (~> 0.6.0)
  miniskirt!
  pry
  rake (~> 0.9.2.2)
